GEM
  remote: https://rubygems.org/
  specs:
    activesupport (4.2.10)
      i18n (~> 0.7)
      minitest (~> 5.1)
      thread_safe (~> 0.3, >= 0.3.4)
      tzinfo (~> 1.1)
    concurrent-ruby (1.0.5)
    httparty (0.15.6)
      multi_xml (>= 0.5.2)
    i18n (0.9.1)
      concurrent-ruby (~> 1.0)
    minitest (5.11.1)
    multi_xml (0.6.0)
    thread_safe (0.3.6)
    tzinfo (1.2.4)
      thread_safe (~> 0.1)
    via_cep (0.2.4.1)
      activesupport (~> 4.0)
      httparty (~> 0.13)
      i18n (~> 0.7)

PLATFORMS
  ruby

DEPENDENCIES
  via_cep

BUNDLED WITH
   1.16.1
